GIT
  remote: https://github.com/coffeejunk/lambdatestgem
  revision: 92417c9646c9af302b6f58502c0c173a39b1b961
  specs:
    lambdatestgem (0.1.0)

GEM
  remote: https://rubygems.org/
  specs:
    httparty (0.21.0)
      mini_mime (>= 1.0.0)
      multi_xml (>= 0.5.2)
    mini_mime (1.1.2)
    multi_xml (0.6.0)

PLATFORMS
  ruby

DEPENDENCIES
  httparty
  lambdatestgem!

BUNDLED WITH
   2.0.1
